GEM
  remote: http://rubygems.org/
  specs:
    cuba (3.0.0)
      rack
    rack (1.4.1)
    shotgun (0.9)
      rack (>= 1.0)
    tilt (1.3.3)

PLATFORMS
  ruby

DEPENDENCIES
  cuba
  shotgun
  tilt
