GEM
  remote: http://rubygems.org/
  specs:
    cuba (3.0.0)
      rack
    kgio (2.7.4)
    rack (1.4.1)
    raindrops (0.8.0)
    shotgun (0.9)
      rack (>= 1.0)
    tilt (1.3.3)
    unicorn (4.2.1)
      kgio (~> 2.6)
      rack
      raindrops (~> 0.7)

PLATFORMS
  ruby

DEPENDENCIES
  cuba
  shotgun
  tilt
  unicorn
